{
    "AcquisitionMatrix": [
        106,
        0,
        0,
        106
    ],
    "AcquisitionMatrixPE": 106,
    "AcquisitionNumber": 1,
    "AcquisitionTime": "12:13:6.315000",
    "BaseResolution": 106,
    "BodyPartExamined": "BRAIN",
    "Columns": 106,
    "ConsistencyInfo": "N4_VE11C_LATEST_20160120",
    "ConversionSoftware": "dcm2niix",
    "ConversionSoftwareVersion": "v1.0.20200331",
    "DeviceSerialNumber": "166114",
    "DwellTime": 7.9e-06,
    "EchoNumber": 2,
    "EchoTime": 0.00733,
    "FlipAngle": 60,
    "ImageOrientationPatientDICOM": [
        1,
        0,
        0,
        0,
        0.99863,
        -0.052336
    ],
    "ImageType": [
        "ORIGINAL",
        "PRIMARY",
        "M",
        "ND",
        "NORM"
    ],
    "ImagingFrequency": 123.253,
    "InPlanePhaseEncodingDirection": "COL",
    "InPlanePhaseEncodingDirectionDICOM": "COL",
    "InstitutionAddress": "Forbes_Ave_4400_Pittsburgh_PA_US_15213",
    "InstitutionName": "BRIDGE_Center",
    "InstitutionalDepartmentName": "BRIDGE_Center",
    "IntendedFor": [
        "ses-08/func/sub-03_ses-08_task-lokicat_run-01_bold.nii.gz",
        "ses-08/func/sub-03_ses-08_task-lokicat_run-02_bold.nii.gz",
        "ses-08/func/sub-03_ses-08_task-lokicat_run-03_bold.nii.gz",
        "ses-08/func/sub-03_ses-08_task-lokicat_run-04_bold.nii.gz",
        "ses-08/func/sub-03_ses-08_task-lokicat_run-05_bold.nii.gz"
    ],
    "MRAcquisitionType": "2D",
    "MagneticFieldStrength": 3,
    "Manufacturer": "Siemens",
    "ManufacturersModelName": "Prisma",
    "Modality": "MR",
    "PartialFourier": 0.75,
    "PatientPosition": "HFS",
    "PercentPhaseFOV": 100,
    "PercentPhaseFieldOfView": 100,
    "PercentSampling": 100,
    "PhaseEncodingDirection": "j",
    "PhaseEncodingSteps": 80,
    "PhaseResolution": 1,
    "PixelBandwidth": 595,
    "PixelSpacing": [
        2,
        2
    ],
    "ProcedureStepDescription": "Verstynen-Lab_LOKI1_ses-08",
    "ProtocolName": "fmap-gre_acq-siemens",
    "PulseSequenceDetails": "%SiemensSeq%_gre_field_mapping",
    "ReceiveCoilActiveElements": "HC1-7",
    "ReceiveCoilName": "HeadNeck_64",
    "ReconMatrixPE": 106,
    "RepetitionTime": 0.681,
    "Rows": 106,
    "SAR": 0.0417717,
    "ScanOptions": "PFP",
    "ScanningSequence": "GR",
    "SequenceName": "_fm2d2r",
    "SequenceVariant": "SP",
    "SeriesDescription": "fmap-gre_acq-siemens",
    "SeriesNumber": 17,
    "ShimSetting": [
        -5605,
        9790,
        5439,
        447,
        -39,
        71,
        228,
        7
    ],
    "SliceThickness": 2,
    "SliceTiming": [
        0.33594,
        0,
        0.35938,
        0.01562,
        0.38281,
        0.03906,
        0.40625,
        0.0625,
        0.42188,
        0.08594,
        0.44531,
        0.10156,
        0.46875,
        0.125,
        0.49219,
        0.14844,
        0.50781,
        0.17188,
        0.53125,
        0.1875,
        0.55469,
        0.21094,
        0.57031,
        0.23438,
        0.59375,
        0.25,
        0.61719,
        0.27344,
        0.63281,
        0.29688,
        0.65625,
        0.3125
    ],
    "SoftwareVersions": "syngo_MR_E11",
    "SpacingBetweenSlices": 2,
    "StationName": "AWP166114",
    "TxRefAmp": 209.356
}