{
    "AcquisitionMatrix": [
        106,
        0,
        0,
        106
    ],
    "AcquisitionMatrixPE": 106,
    "AcquisitionNumber": 1,
    "AcquisitionTime": "16:56:39.155000",
    "BaseResolution": 106,
    "BodyPartExamined": "BRAIN",
    "Columns": 106,
    "ConsistencyInfo": "N4_VE11C_LATEST_20160120",
    "ConversionSoftware": "dcm2niix",
    "ConversionSoftwareVersion": "v1.0.20200331",
    "DeviceSerialNumber": "166114",
    "EchoNumber": 2,
    "EchoTime1": 0.00487,
    "EchoTime2": 0.00733,
    "FlipAngle": 60,
    "ImageOrientationPatientDICOM": [
        1,
        0,
        0,
        0,
        0.997564,
        -0.0697565
    ],
    "ImageType": [
        "ORIGINAL",
        "PRIMARY",
        "P",
        "ND",
        "PHASE"
    ],
    "ImagingFrequency": 123.253,
    "InPlanePhaseEncodingDirection": "COL",
    "InPlanePhaseEncodingDirectionDICOM": "COL",
    "InstitutionAddress": "Forbes_Ave_4400_Pittsburgh_PA_US_15213",
    "InstitutionName": "BRIDGE_Center",
    "IntendedFor": [
        "ses-03/func/sub-02_ses-03_task-lokicat_run-01_bold.nii.gz",
        "ses-03/func/sub-02_ses-03_task-lokicat_run-02_bold.nii.gz",
        "ses-03/func/sub-02_ses-03_task-lokicat_run-03_bold.nii.gz",
        "ses-03/func/sub-02_ses-03_task-lokicat_run-04_bold.nii.gz",
        "ses-03/func/sub-02_ses-03_task-lokicat_run-05_bold.nii.gz"
    ],
    "MRAcquisitionType": "2D",
    "MagneticFieldStrength": 3,
    "Manufacturer": "Siemens",
    "ManufacturersModelName": "Prisma",
    "Modality": "MR",
    "PartialFourier": 0.75,
    "PatientPosition": "HFS",
    "PercentPhaseFOV": 100,
    "PercentPhaseFieldOfView": 100,
    "PercentSampling": 100,
    "PhaseEncodingDirection": "j",
    "PhaseEncodingSteps": 80,
    "PhaseResolution": 1,
    "PixelBandwidth": 595,
    "PixelSpacing": [
        2,
        2
    ],
    "ProcedureStepDescription": "Verstynen-Lab_LOKI1_ses-03",
    "ProtocolName": "fmap-gre_acq-siemens",
    "PulseSequenceDetails": "%SiemensSeq%_gre_field_mapping",
    "ReceiveCoilActiveElements": "HC1-7",
    "ReceiveCoilName": "HeadNeck_64",
    "ReconMatrixPE": 106,
    "RepetitionTime": 0.681,
    "Rows": 106,
    "SAR": 0.0730861,
    "ScanOptions": "PFP",
    "ScanningSequence": "GR",
    "SequenceName": "_fm2d2r",
    "SequenceVariant": "SP",
    "SeriesDescription": "fmap-gre_acq-siemens",
    "SeriesNumber": 18,
    "ShimSetting": [
        -5597,
        9697,
        5363,
        135,
        32,
        -154,
        337,
        -4
    ],
    "SliceThickness": 2,
    "SliceTiming": [
        0.34375,
        0,
        0.35938,
        0.01562,
        0.39062,
        0.04688,
        0.40625,
        0.0625,
        0.42188,
        0.09375,
        0.45312,
        0.10938,
        0.46875,
        0.125,
        0.48438,
        0.15625,
        0.51562,
        0.17188,
        0.53125,
        0.1875,
        0.5625,
        0.21875,
        0.57812,
        0.23438,
        0.59375,
        0.25,
        0.625,
        0.28125,
        0.64062,
        0.29688,
        0.65625,
        0.3125
    ],
    "SoftwareVersions": "syngo_MR_E11",
    "SpacingBetweenSlices": 2,
    "StationName": "AWP166114",
    "TxRefAmp": 286.127
}