{
    "AcquisitionMatrix": [
        0,
        256,
        256,
        0
    ],
    "AcquisitionMatrixPE": 256,
    "AcquisitionNumber": 1,
    "AcquisitionTime": "19:50:27.590000",
    "BaseResolution": 256,
    "BodyPartExamined": "BRAIN",
    "Columns": 256,
    "ConsistencyInfo": "N4_VE11C_LATEST_20160120",
    "ConversionSoftware": "dcm2niix",
    "ConversionSoftwareVersion": "v1.0.20200331",
    "DeviceSerialNumber": "166114",
    "EchoTime": 0.00199,
    "FlipAngle": 9,
    "ImageOrientationPatientDICOM": [
        -0.0195535,
        0.937269,
        0.348058,
        0.027654,
        0.348499,
        -0.936901
    ],
    "ImageType": [
        "ORIGINAL",
        "PRIMARY",
        "M",
        "ND",
        "NORM"
    ],
    "ImagingFrequency": 123.253,
    "InPlanePhaseEncodingDirection": "ROW",
    "InPlanePhaseEncodingDirectionDICOM": "ROW",
    "InstitutionAddress": "Forbes_Ave_4400_Pittsburgh_PA_US_15213",
    "InstitutionName": "BRIDGE_Center",
    "InversionTime": 0.9,
    "MRAcquisitionType": "3D",
    "MagneticFieldStrength": 3,
    "Manufacturer": "Siemens",
    "ManufacturersModelName": "Prisma",
    "Modality": "MR",
    "ParallelReductionFactorInPlane": 2,
    "PartialFourier": 1,
    "PatientPosition": "HFS",
    "PercentPhaseFOV": 100,
    "PercentPhaseFieldOfView": 100.0,
    "PercentSampling": 100.0,
    "PhaseEncodingDirection": "j",
    "PhaseEncodingSteps": 255,
    "PhaseResolution": 1,
    "PixelBandwidth": 240,
    "PixelSpacing": [
        1.0,
        1.0
    ],
    "ProcedureStepDescription": "Tarr-Lab_LOKICAT_ses-01",
    "ProtocolName": "anat-T1w_acq-mprage",
    "PulseSequenceDetails": "%SiemensSeq%_tfl",
    "ReceiveCoilActiveElements": "HC1-7;NC1,2",
    "ReceiveCoilName": "HeadNeck_64",
    "ReconMatrixPE": 256,
    "RefLinesPE": 24,
    "RepetitionTime": 2.3,
    "Rows": 256,
    "SAR": 0.0420174,
    "ScanOptions": "IR",
    "ScanningSequence": "GR_IR",
    "SequenceName": "_tfl3d1_16ns",
    "SequenceVariant": "SK_SP_MP",
    "SeriesDescription": "anat-T1w_acq-mprage",
    "SeriesNumber": 28,
    "ShimSetting": [
        -5590,
        9674,
        5360,
        12,
        35,
        -443,
        265,
        -24
    ],
    "SliceThickness": 1,
    "SoftwareVersions": "syngo_MR_E11",
    "StationName": "AWP166114",
    "TxRefAmp": 218.823
}