{
    "AcquisitionDateTime": "2019-09-25T17:54:27.930000",
    "AcquisitionMatrixPE": 106,
    "AcquisitionNumber": 1,
    "AcquisitionTime": "17:54:27.930000",
    "BaseResolution": 106,
    "BodyPartExamined": "BRAIN",
    "ConsistencyInfo": "N4_VE11C_LATEST_20160120",
    "ConversionSoftware": "dcm2niix",
    "ConversionSoftwareVersion": "v1.0.20190410  (JP2:OpenJPEG) GCC4.8.4",
    "DeviceSerialNumber": "166114",
    "DwellTime": 7.9e-06,
    "EchoNumber": 2,
    "EchoTime": 0.00733,
    "FlipAngle": 60,
    "ImageOrientationPatientDICOM": [
        0.999337,
        0.023802,
        -0.0275382,
        -0.0265176,
        0.994342,
        -0.102866
    ],
    "ImageType": [
        "ORIGINAL",
        "PRIMARY",
        "P",
        "ND"
    ],
    "ImagingFrequency": 123.253,
    "InPlanePhaseEncodingDirectionDICOM": "COL",
    "InstitutionAddress": "Forbes_Ave_4400_Pittsburgh_PA_US_15213",
    "InstitutionName": "BRIDGE_Center",
    "InstitutionalDepartmentName": "BRIDGE_Center",
    "IntendedFor": [
        "ses-10/func/sub-01_ses-10_task-lokicat_run-02_bold.nii.gz",
        "ses-10/func/sub-01_ses-10_task-lokicat_run-04_bold.nii.gz"
    ],
    "MRAcquisitionType": "2D",
    "MagneticFieldStrength": 3,
    "Manufacturer": "Siemens",
    "ManufacturersModelName": "Prisma",
    "Modality": "MR",
    "PartialFourier": 0.75,
    "PatientBirthDate": "1980-01-01",
    "PatientID": "790",
    "PatientName": "190925163809",
    "PatientPosition": "HFS",
    "PatientSex": "M",
    "PatientWeight": 90.7185,
    "PercentPhaseFOV": 100,
    "PhaseEncodingDirection": "j",
    "PhaseEncodingSteps": 80,
    "PhaseResolution": 1,
    "PixelBandwidth": 595,
    "ProcedureStepDescription": "Verstynen-Lab_LOKI1_ses-10",
    "ProtocolName": "fmap-gre_acq-siemens",
    "PulseSequenceDetails": "%SiemensSeq%_gre_field_mapping",
    "ReceiveCoilActiveElements": "HC1-7",
    "ReceiveCoilName": "HeadNeck_64",
    "ReconMatrixPE": 106,
    "RepetitionTime": 0.681,
    "SAR": 0.0839512,
    "ScanOptions": "PFP",
    "ScanningSequence": "GR",
    "SequenceName": "_fm2d2r",
    "SequenceVariant": "SP",
    "SeriesDescription": "fmap-gre_acq-siemens",
    "SeriesInstanceUID": "1.3.12.2.1107.5.2.43.166114.2019092517542514023468461.0.0.0",
    "SeriesNumber": 11,
    "ShimSetting": [
        -5584,
        9775,
        5494,
        483,
        45,
        -85,
        95,
        22
    ],
    "SliceThickness": 2,
    "SoftwareVersions": "syngo_MR_E11",
    "SpacingBetweenSlices": 2,
    "StationName": "AWP166114",
    "StudyID": "1",
    "StudyInstanceUID": "1.3.12.2.1107.5.2.43.166114.30000019092515400379700000010",
    "TxRefAmp": 226.139
}