{
    "AcquisitionDateTime": "2019-08-16T14:39:29.082500",
    "AcquisitionMatrixPE": 106,
    "AcquisitionNumber": 1,
    "AcquisitionTime": "14:39:29.082500",
    "BandwidthPerPixelPhaseEncode": 13.103,
    "BaseResolution": 106,
    "BodyPartExamined": "BRAIN",
    "ConsistencyInfo": "N4_VE11C_LATEST_20160120",
    "ConversionSoftware": "dcm2niix",
    "ConversionSoftwareVersion": "v1.0.20181114  (JP2:OpenJPEG) GCC4.8.4",
    "DerivedVendorReportedEchoSpacing": 0.000719985,
    "DeviceSerialNumber": "166114",
    "EchoTime": 0.028,
    "EchoTrainLength": 80,
    "EffectiveEchoSpacing": 0.000719985,
    "FlipAngle": 73,
    "ImageComments": "Unaliased_MB4_PE3_LB",
    "ImageOrientationPatientDICOM": [
        0.999865,
        0.0163155,
        -0.00171482,
        -0.0164053,
        0.994388,
        -0.104514
    ],
    "ImageType": [
        "ORIGINAL",
        "PRIMARY",
        "M",
        "MB",
        "ND",
        "NORM",
        "MOSAIC"
    ],
    "ImagingFrequency": 123.253,
    "InPlanePhaseEncodingDirectionDICOM": "COL",
    "InstitutionAddress": "Forbes_Ave_4400_Pittsburgh_PA_US_15213",
    "InstitutionName": "BRIDGE_Center",
    "MRAcquisitionType": "2D",
    "MagneticFieldStrength": 3,
    "Manufacturer": "Siemens",
    "ManufacturersModelName": "Prisma",
    "Modality": "MR",
    "MultibandAccelerationFactor": 4,
    "PartialFourier": 0.75,
    "PatientBirthDate": "1985-01-01",
    "PatientID": "790",
    "PatientName": "190816134659",
    "PatientPosition": "HFS",
    "PatientSex": "M",
    "PatientWeight": 77.1107,
    "PercentPhaseFOV": 100,
    "PhaseEncodingDirection": "j-",
    "PhaseEncodingSteps": 80,
    "PhaseResolution": 1,
    "PixelBandwidth": 1815,
    "ProcedureStepDescription": "Verstynen-Lab_LOKI1_ses-03",
    "ProtocolName": "func-bold_task-lokicat_run-04",
    "PulseSequenceDetails": "%CustomerSeq%_cmrr_mbep2d_bold",
    "ReceiveCoilActiveElements": "HC1-6",
    "ReceiveCoilName": "HeadNeck_64",
    "ReconMatrixPE": 106,
    "RepetitionTime": 0.75,
    "SAR": 0.0414988,
    "ScanOptions": "PFP_FS",
    "ScanningSequence": "EP",
    "SequenceName": "epfid2d1_106",
    "SequenceVariant": "SK_SS",
    "SeriesDescription": "func-bold_task-lokicat_run-04",
    "SeriesInstanceUID": "1.3.12.2.1107.5.2.43.166114.2019081614380222958340314.0.0.0",
    "SeriesNumber": 8,
    "ShimSetting": [
        -5585,
        9768,
        5504,
        650,
        102,
        22,
        125,
        30
    ],
    "SliceThickness": 2,
    "SliceTiming": [
        0,
        0.2725,
        0.5475,
        0.09,
        0.365,
        0.6375,
        0.1825,
        0.455,
        0,
        0.2725,
        0.5475,
        0.09,
        0.365,
        0.6375,
        0.1825,
        0.455,
        0,
        0.2725,
        0.5475,
        0.09,
        0.365,
        0.6375,
        0.1825,
        0.455,
        0,
        0.2725,
        0.5475,
        0.09,
        0.365,
        0.6375,
        0.1825,
        0.455
    ],
    "SoftwareVersions": "syngo_MR_E11",
    "SpacingBetweenSlices": 2,
    "StationName": "AWP166114",
    "StudyID": "1",
    "StudyInstanceUID": "1.3.12.2.1107.5.2.43.166114.30000019081613251134500000010",
    "TaskName": "lokicat",
    "TotalReadoutTime": 0.0755984,
    "TxRefAmp": 220.914,
    "WipMemBlock": "cac04f43-41fb-497b-bccf-f22d8f225832||Sequence: R016 ve11c/master r/e634e98; Dec 19 2017 11:00:25 by eja"
}