{
    "AcquisitionMatrix": [
        106,
        0,
        0,
        106
    ],
    "AcquisitionMatrixPE": 106,
    "AcquisitionNumber": 1,
    "AcquisitionTime": "17:44:36.132500",
    "BandwidthPerPixelPhaseEncode": 13.103,
    "BaseResolution": 106,
    "BodyPartExamined": "BRAIN",
    "Columns": 636,
    "ConsistencyInfo": "N4_VE11C_LATEST_20160120",
    "ConversionSoftware": "dcm2niix",
    "ConversionSoftwareVersion": "v1.0.20200331",
    "DerivedVendorReportedEchoSpacing": 0.000719985,
    "DeviceSerialNumber": "166114",
    "EchoTime": 0.028,
    "EchoTrainLength": 80,
    "EffectiveEchoSpacing": 0.000719985,
    "FlipAngle": 73,
    "ImageComments": "Unaliased_MB4_PE3_LB",
    "ImageOrientationPatientDICOM": [
        0.999739,
        0.0227366,
        -0.00238971,
        -0.0228618,
        0.994262,
        -0.104501
    ],
    "ImageType": [
        "ORIGINAL",
        "PRIMARY",
        "M",
        "MB",
        "ND",
        "NORM",
        "MOSAIC"
    ],
    "ImagingFrequency": 123.253,
    "InPlanePhaseEncodingDirection": "COL",
    "InPlanePhaseEncodingDirectionDICOM": "COL",
    "InstitutionAddress": "Forbes_Ave_4400_Pittsburgh_PA_US_15213",
    "InstitutionName": "BRIDGE_Center",
    "MRAcquisitionType": "2D",
    "MagneticFieldStrength": 3,
    "Manufacturer": "Siemens",
    "ManufacturersModelName": "Prisma",
    "Modality": "MR",
    "MultibandAccelerationFactor": 4,
    "PartialFourier": 0.75,
    "PatientPosition": "HFS",
    "PercentPhaseFOV": 100,
    "PercentPhaseFieldOfView": 100.0,
    "PercentSampling": 100.0,
    "PhaseEncodingDirection": "j-",
    "PhaseEncodingSteps": 80,
    "PhaseResolution": 1,
    "PixelBandwidth": 1815,
    "PixelSpacing": [
        2.0,
        2.0
    ],
    "ProcedureStepDescription": "Verstynen-Lab_LOKI1_ses-10",
    "ProtocolName": "func-bold_task-lokicat_run-05",
    "PulseSequenceDetails": "%CustomerSeq%_cmrr_mbep2d_bold",
    "ReceiveCoilActiveElements": "HC1-6",
    "ReceiveCoilName": "HeadNeck_64",
    "ReconMatrixPE": 106,
    "RepetitionTime": 0.75,
    "Rows": 636,
    "SAR": 0.035069,
    "ScanOptions": "PFP_FS",
    "ScanningSequence": "EP",
    "SequenceName": "epfid2d1_106",
    "SequenceVariant": "SK_SS",
    "SeriesDescription": "func-bold_task-lokicat_run-05",
    "SeriesNumber": 9,
    "ShimSetting": [
        -5595,
        9778,
        5516,
        601,
        98,
        75,
        139,
        -6
    ],
    "SliceThickness": 2,
    "SliceTiming": [
        0,
        0.275,
        0.5475,
        0.0925,
        0.365,
        0.64,
        0.1825,
        0.4575,
        0,
        0.275,
        0.5475,
        0.0925,
        0.365,
        0.64,
        0.1825,
        0.4575,
        0,
        0.275,
        0.5475,
        0.0925,
        0.365,
        0.64,
        0.1825,
        0.4575,
        0,
        0.275,
        0.5475,
        0.0925,
        0.365,
        0.64,
        0.1825,
        0.4575
    ],
    "SoftwareVersions": "syngo_MR_E11",
    "SpacingBetweenSlices": 1.9999999517778,
    "StationName": "AWP166114",
    "TaskName": "lokicat",
    "TotalReadoutTime": 0.0755984,
    "TxRefAmp": 226.139,
    "WipMemBlock": "3f197df7-17d6-485d-a8d6-db3777690788||Sequence: R016 ve11c/master r/e634e98; Dec 19 2017 11:00:25 by eja"
}