{
    "AcquisitionDateTime": "2019-08-16T15:00:38.900000",
    "AcquisitionMatrixPE": 106,
    "AcquisitionNumber": 1,
    "AcquisitionTime": "15:00:38.900000",
    "BaseResolution": 106,
    "BodyPartExamined": "BRAIN",
    "ConsistencyInfo": "N4_VE11C_LATEST_20160120",
    "ConversionSoftware": "dcm2niix",
    "ConversionSoftwareVersion": "v1.0.20181114  (JP2:OpenJPEG) GCC4.8.4",
    "DeviceSerialNumber": "166114",
    "EchoNumber": 2,
    "EchoTime": 0.00733,
    "FlipAngle": 60,
    "ImageOrientationPatientDICOM": [
        0.999728,
        0.0168504,
        -0.0161362,
        -0.0184975,
        0.993972,
        -0.10806
    ],
    "ImageType": [
        "ORIGINAL",
        "PRIMARY",
        "P",
        "ND"
    ],
    "ImagingFrequency": 123.253,
    "InPlanePhaseEncodingDirectionDICOM": "COL",
    "InstitutionAddress": "Forbes_Ave_4400_Pittsburgh_PA_US_15213",
    "InstitutionName": "BRIDGE_Center",
    "IntendedFor": [
        "ses-03/func/sub-01_ses-03_task-lokicat_run-02_bold.nii.gz",
        "ses-03/func/sub-01_ses-03_task-lokicat_run-04_bold.nii.gz"
    ],
    "MRAcquisitionType": "2D",
    "MagneticFieldStrength": 3,
    "Manufacturer": "Siemens",
    "ManufacturersModelName": "Prisma",
    "Modality": "MR",
    "PartialFourier": 0.75,
    "PatientBirthDate": "1985-01-01",
    "PatientID": "790",
    "PatientName": "190816134659",
    "PatientPosition": "HFS",
    "PatientSex": "M",
    "PatientWeight": 77.1107,
    "PercentPhaseFOV": 100,
    "PhaseEncodingDirection": "j",
    "PhaseEncodingSteps": 80,
    "PhaseResolution": 1,
    "PixelBandwidth": 595,
    "ProcedureStepDescription": "Verstynen-Lab_LOKI1_ses-03",
    "ProtocolName": "fmap-gre_acq-epi",
    "PulseSequenceDetails": "%SiemensSeq%_gre_field_mapping",
    "ReceiveCoilActiveElements": "HC1-7",
    "ReceiveCoilName": "HeadNeck_64",
    "ReconMatrixPE": 106,
    "RepetitionTime": 0.681,
    "SAR": 0.0993435,
    "ScanOptions": "PFP",
    "ScanningSequence": "GR",
    "SequenceName": "_fm2d2r",
    "SequenceVariant": "SP",
    "SeriesDescription": "fmap-gre_acq-epi",
    "SeriesInstanceUID": "1.3.12.2.1107.5.2.43.166114.2019081615003528908786187.0.0.0",
    "SeriesNumber": 11,
    "ShimSetting": [
        -5574,
        9774,
        5477,
        502,
        59,
        -89,
        86,
        33
    ],
    "SliceThickness": 2,
    "SoftwareVersions": "syngo_MR_E11",
    "SpacingBetweenSlices": 2,
    "StationName": "AWP166114",
    "StudyID": "1",
    "StudyInstanceUID": "1.3.12.2.1107.5.2.43.166114.30000019081613251134500000010",
    "TxRefAmp": 220.914
}