{
    "AcquisitionDateTime": "2019-09-10T16:50:10.910000",
    "AcquisitionMatrixPE": 106,
    "AcquisitionNumber": 1,
    "AcquisitionTime": "16:50:10.910000",
    "BaseResolution": 106,
    "BodyPartExamined": "BRAIN",
    "ConsistencyInfo": "N4_VE11C_LATEST_20160120",
    "ConversionSoftware": "dcm2niix",
    "ConversionSoftwareVersion": "v1.0.20190410  (JP2:OpenJPEG) GCC4.8.4",
    "DeviceSerialNumber": "166114",
    "EchoNumber": 2,
    "EchoTime": 0.00733,
    "FlipAngle": 60,
    "ImageOrientationPatientDICOM": [
        0.999498,
        0.0224275,
        -0.0223937,
        -0.0251254,
        0.991386,
        -0.128539
    ],
    "ImageType": [
        "ORIGINAL",
        "PRIMARY",
        "P",
        "ND"
    ],
    "ImagingFrequency": 123.253,
    "InPlanePhaseEncodingDirectionDICOM": "COL",
    "InstitutionAddress": "Forbes_Ave_4400_Pittsburgh_PA_US_15213",
    "InstitutionName": "BRIDGE_Center",
    "IntendedFor": [
        "ses-07/func/sub-01_ses-07_task-lokicat_run-01_bold.nii.gz",
        "ses-07/func/sub-01_ses-07_task-lokicat_run-03_bold.nii.gz",
        "ses-07/func/sub-01_ses-07_task-lokicat_run-05_bold.nii.gz"
    ],
    "MRAcquisitionType": "2D",
    "MagneticFieldStrength": 3,
    "Manufacturer": "Siemens",
    "ManufacturersModelName": "Prisma",
    "Modality": "MR",
    "PartialFourier": 0.75,
    "PatientBirthDate": "1990-01-01",
    "PatientID": "790",
    "PatientName": "190910153010",
    "PatientPosition": "HFS",
    "PatientSex": "M",
    "PatientWeight": 79.3787,
    "PercentPhaseFOV": 100,
    "PhaseEncodingDirection": "j",
    "PhaseEncodingSteps": 80,
    "PhaseResolution": 1,
    "PixelBandwidth": 595,
    "ProcedureStepDescription": "Verstynen-Lab_LOKI1_ses-07",
    "ProtocolName": "fmap-gre_acq-siemens",
    "PulseSequenceDetails": "%SiemensSeq%_gre_field_mapping",
    "ReceiveCoilActiveElements": "HC1-7",
    "ReceiveCoilName": "HeadNeck_64",
    "ReconMatrixPE": 106,
    "RepetitionTime": 0.681,
    "SAR": 0.0981216,
    "ScanOptions": "PFP",
    "ScanningSequence": "GR",
    "SequenceName": "_fm2d2r",
    "SequenceVariant": "SP",
    "SeriesDescription": "fmap-gre_acq-siemens",
    "SeriesInstanceUID": "1.3.12.2.1107.5.2.43.166114.2019091016500723344937056.0.0.0",
    "SeriesNumber": 12,
    "ShimSetting": [
        -5579,
        9782,
        5489,
        513,
        44,
        -61,
        92,
        26
    ],
    "SliceThickness": 2,
    "SoftwareVersions": "syngo_MR_E11",
    "SpacingBetweenSlices": 2,
    "StationName": "AWP166114",
    "StudyID": "1",
    "StudyInstanceUID": "1.3.12.2.1107.5.2.43.166114.30000019091013195313900000013",
    "TxRefAmp": 224.59
}