{
    "AcquisitionDateTime": "2019-08-13T16:05:29.647500",
    "AcquisitionMatrixPE": 106,
    "AcquisitionNumber": 1,
    "AcquisitionTime": "16:05:29.647500",
    "BaseResolution": 106,
    "BodyPartExamined": "BRAIN",
    "ConsistencyInfo": "N4_VE11C_LATEST_20160120",
    "ConversionSoftware": "dcm2niix",
    "ConversionSoftwareVersion": "v1.0.20190410  (JP2:OpenJPEG) GCC4.8.4",
    "DeviceSerialNumber": "166114",
    "DwellTime": 7.9e-06,
    "EchoNumber": 1,
    "EchoTime": 0.00487,
    "FlipAngle": 60,
    "ImageOrientationPatientDICOM": [
        0.998963,
        0.0452879,
        -0.00475995,
        -0.0455373,
        0.99349,
        -0.10442
    ],
    "ImageType": [
        "ORIGINAL",
        "PRIMARY",
        "M",
        "ND",
        "NORM"
    ],
    "ImagingFrequency": 123.253,
    "InPlanePhaseEncodingDirectionDICOM": "COL",
    "InstitutionAddress": "Forbes_Ave_4400_Pittsburgh_PA_US_15213",
    "InstitutionName": "BRIDGE_Center",
    "InstitutionalDepartmentName": "BRIDGE_Center",
    "IntendedFor": [
        "ses-02/func/sub-01_ses-02_task-lokicat_run-02_bold.nii.gz",
        "ses-02/func/sub-01_ses-02_task-lokicat_run-04_bold.nii.gz",
        "ses-02/func/sub-01_ses-02_task-lokicat_run-01_bold.nii.gz",
        "ses-02/func/sub-01_ses-02_task-lokicat_run-03_bold.nii.gz"
    ],
    "MRAcquisitionType": "2D",
    "MagneticFieldStrength": 3,
    "Manufacturer": "Siemens",
    "ManufacturersModelName": "Prisma",
    "Modality": "MR",
    "PartialFourier": 0.75,
    "PatientBirthDate": "1985-01-01",
    "PatientID": "790",
    "PatientName": "190813144746",
    "PatientPosition": "HFS",
    "PatientSex": "M",
    "PatientWeight": 77.1107,
    "PercentPhaseFOV": 100,
    "PhaseEncodingDirection": "j",
    "PhaseEncodingSteps": 80,
    "PhaseResolution": 1,
    "PixelBandwidth": 595,
    "ProcedureStepDescription": "Verstynen-Lab_LOKI1_ses-02",
    "ProtocolName": "fmap-gre_acq-epi",
    "PulseSequenceDetails": "%SiemensSeq%_gre_field_mapping",
    "ReceiveCoilActiveElements": "HC1-7",
    "ReceiveCoilName": "HeadNeck_64",
    "ReconMatrixPE": 106,
    "RepetitionTime": 0.681,
    "SAR": 0.0439181,
    "ScanOptions": "PFP",
    "ScanningSequence": "GR",
    "SequenceName": "_fm2d2r",
    "SequenceVariant": "SP",
    "SeriesDescription": "fmap-gre_acq-siemens",
    "SeriesInstanceUID": "1.3.12.2.1107.5.2.43.166114.2019081316054941989899760.0.0.0",
    "SeriesNumber": 18,
    "ShimSetting": [
        -5591,
        9778,
        5512,
        606,
        109,
        69,
        141,
        10
    ],
    "SliceThickness": 2,
    "SoftwareVersions": "syngo_MR_E11",
    "SpacingBetweenSlices": 2,
    "StationName": "AWP166114",
    "StudyID": "1",
    "StudyInstanceUID": "1.3.12.2.1107.5.2.43.166114.30000019081313132574000000022",
    "TxRefAmp": 217.314
}