{
    "AcquisitionDateTime": "2019-10-31T11:46:12.457500",
    "AcquisitionMatrixPE": 106,
    "AcquisitionNumber": 1,
    "AcquisitionTime": "11:46:12.457500",
    "BandwidthPerPixelPhaseEncode": 13.103,
    "BaseResolution": 106,
    "BodyPartExamined": "BRAIN",
    "ConsistencyInfo": "N4_VE11C_LATEST_20160120",
    "ConversionSoftware": "dcm2niix",
    "ConversionSoftwareVersion": "v1.0.20190410  (JP2:OpenJPEG) GCC4.8.4",
    "DerivedVendorReportedEchoSpacing": 0.000719985,
    "DeviceSerialNumber": "166114",
    "EchoTime": 0.028,
    "EchoTrainLength": 80,
    "EffectiveEchoSpacing": 0.000719985,
    "FlipAngle": 52,
    "ImageComments": "Unaliased_MB4_PE3_LB",
    "ImageOrientationPatientDICOM": [
        1,
        0,
        0,
        0,
        0.99863,
        -0.052336
    ],
    "ImageType": [
        "ORIGINAL",
        "PRIMARY",
        "M",
        "MB",
        "ND",
        "NORM",
        "MOSAIC"
    ],
    "ImagingFrequency": 123.253,
    "InPlanePhaseEncodingDirectionDICOM": "COL",
    "InstitutionAddress": "Forbes_Ave_4400_Pittsburgh_PA_US_15213",
    "InstitutionName": "BRIDGE_Center",
    "MRAcquisitionType": "2D",
    "MagneticFieldStrength": 3,
    "Manufacturer": "Siemens",
    "ManufacturersModelName": "Prisma",
    "Modality": "MR",
    "MultibandAccelerationFactor": 4,
    "PartialFourier": 0.75,
    "PatientBirthDate": "1989-01-01",
    "PatientID": "813",
    "PatientName": "191031112233",
    "PatientPosition": "HFS",
    "PatientSex": "F",
    "PatientWeight": 61.235,
    "PercentPhaseFOV": 100,
    "PhaseEncodingDirection": "j-",
    "PhaseEncodingSteps": 80,
    "PhaseResolution": 1,
    "PixelBandwidth": 1815,
    "ProcedureStepDescription": "Verstynen-Lab_LOKI1_ses-07",
    "ProtocolName": "func-bold_task-lokicat_run-02",
    "PulseSequenceDetails": "%CustomerSeq%_cmrr_mbep2d_bold",
    "ReceiveCoilActiveElements": "HC1-7",
    "ReceiveCoilName": "HeadNeck_64",
    "ReconMatrixPE": 106,
    "RepetitionTime": 0.75,
    "SAR": 0.0282111,
    "ScanOptions": "PFP_FS_EXT",
    "ScanningSequence": "EP",
    "SequenceName": "epfid2d1_106",
    "SequenceVariant": "SK_SS",
    "SeriesDescription": "func-bold_task-lokicat_run-02",
    "SeriesInstanceUID": "1.3.12.2.1107.5.2.43.166114.2019103111460421506704521.0.0.0",
    "SeriesNumber": 7,
    "ShimSetting": [
        -5606,
        9797,
        5424,
        429,
        -29,
        140,
        254,
        11
    ],
    "SliceThickness": 2,
    "SliceTiming": [
        0,
        0.275,
        0.5475,
        0.0925,
        0.365,
        0.64,
        0.1825,
        0.4575,
        0,
        0.275,
        0.5475,
        0.0925,
        0.365,
        0.64,
        0.1825,
        0.4575,
        0,
        0.275,
        0.5475,
        0.0925,
        0.365,
        0.64,
        0.1825,
        0.4575,
        0,
        0.275,
        0.5475,
        0.0925,
        0.365,
        0.64,
        0.1825,
        0.4575
    ],
    "SoftwareVersions": "syngo_MR_E11",
    "SpacingBetweenSlices": 2,
    "StationName": "AWP166114",
    "StudyID": "1",
    "StudyInstanceUID": "1.3.12.2.1107.5.2.43.166114.30000019103114403382100000004",
    "TaskName": "lokicat",
    "TotalReadoutTime": 0.0755984,
    "TxRefAmp": 218.554,
    "WipMemBlock": "aeeed964-2493-4bb9-b1af-0af8598f85a4||Sequence: R016 ve11c/master r/e634e98; Dec 19 2017 11:00:25 by eja"
}