{
    "AcquisitionDateTime": "2020-02-24T18:13:19_900000",
    "AcquisitionMatrixPE": 106,
    "AcquisitionNumber": 1,
    "AcquisitionTime": "18:13:19_900000",
    "BandwidthPerPixelPhaseEncode": 13.103,
    "BaseResolution": 106,
    "BodyPartExamined": "BRAIN",
    "ConsistencyInfo": "N4_VE11C_LATEST_20160120",
    "ConversionSoftware": "dcm2niix",
    "ConversionSoftwareVersion": "v1_0_20190410  (JP2:OpenJPEG) GCC4_8_4",
    "DerivedVendorReportedEchoSpacing": 0.000719985,
    "DeviceSerialNumber": "166114",
    "DwellTime": 2.6e-06,
    "EchoTime": 0.028,
    "EchoTrainLength": 80,
    "EffectiveEchoSpacing": 0.000719985,
    "FlipAngle": 52,
    "ImageComments": "Unaliased_MB4_PE3_LB",
    "ImageOrientationPatientDICOM": [
        1,
        0,
        0,
        0,
        0.997564,
        -0.0697565
    ],
    "ImageType": [
        "ORIGINAL",
        "PRIMARY",
        "M",
        "MB",
        "ND",
        "NORM",
        "MOSAIC"
    ],
    "ImagingFrequency": 123.253,
    "InPlanePhaseEncodingDirectionDICOM": "COL",
    "InstitutionAddress": "Forbes_Ave_4400_Pittsburgh_PA_US_15213",
    "InstitutionName": "BRIDGE_Center",
    "InstitutionalDepartmentName": "BRIDGE_Center",
    "IntendedFor": [
        "ses-06/func/sub-02_ses-06_task-lokicat_run-01_bold.nii.gz",
        "ses-06/func/sub-02_ses-06_task-lokicat_run-02_bold.nii.gz",
        "ses-06/func/sub-02_ses-06_task-lokicat_run-03_bold.nii.gz",
        "ses-06/func/sub-02_ses-06_task-lokicat_run-04_bold.nii.gz",
        "ses-06/func/sub-02_ses-06_task-lokicat_run-05_bold.nii.gz",
        "ses-06/func/sub-02_ses-06_task-lokicat_run-05_bold.nii.gz"
    ],
    "MRAcquisitionType": "2D",
    "MagneticFieldStrength": 3,
    "Manufacturer": "Siemens",
    "ManufacturersModelName": "Prisma",
    "Modality": "MR",
    "MultibandAccelerationFactor": 4,
    "PartialFourier": 0.75,
    "PatientBirthDate": "1990-01-01",
    "PatientID": "811",
    "PatientName": "200224171206",
    "PatientPosition": "HFS",
    "PatientSex": "M",
    "PatientWeight": 90.7185,
    "PercentPhaseFOV": 100,
    "PhaseEncodingDirection": "j",
    "PhaseEncodingSteps": 80,
    "PhaseResolution": 1,
    "PixelBandwidth": 1815,
    "ProcedureStepDescription": "Verstynen-Lab_LOKI1_ses-06",
    "ProtocolName": "fmap-epi_acq-opphase_dir-PA",
    "PulseSequenceDetails": "%CustomerSeq%_cmrr_mbep2d_bold",
    "ReceiveCoilActiveElements": "HC1-7",
    "ReceiveCoilName": "HeadNeck_64",
    "ReconMatrixPE": 106,
    "RepetitionTime": 0.75,
    "SAR": 0.0367694,
    "ScanOptions": "PFP_FS_EXT",
    "ScanningSequence": "EP",
    "SequenceName": "epfid2d1_106",
    "SequenceVariant": "SK_SS",
    "SeriesDescription": "fmap-epi_acq-opphase_dir-PA",
    "SeriesInstanceUID": "1_3_12_2_1107_5_2_43_166114_2020022418131181641666897_0_0_0",
    "SeriesNumber": 16,
    "ShimSetting": [
        -5591,
        9697,
        5382,
        127,
        9,
        -178,
        346,
        13
    ],
    "SliceThickness": 2,
    "SliceTiming": [
        0,
        0.2725,
        0.5475,
        0.09,
        0.365,
        0.6375,
        0.1825,
        0.455,
        0,
        0.2725,
        0.5475,
        0.09,
        0.365,
        0.6375,
        0.1825,
        0.455,
        0,
        0.2725,
        0.5475,
        0.09,
        0.365,
        0.6375,
        0.1825,
        0.455,
        0,
        0.2725,
        0.5475,
        0.09,
        0.365,
        0.6375,
        0.1825,
        0.455
    ],
    "SoftwareVersions": "syngo_MR_E11",
    "SpacingBetweenSlices": 2,
    "StationName": "AWP166114",
    "StudyID": "1",
    "StudyInstanceUID": "1_3_12_2_1107_5_2_43_166114_30000020022417250932100000019",
    "TotalReadoutTime": 0.0755984,
    "TxRefAmp": 289.558,
    "WipMemBlock": "918f9c81-0746-455a-b38a-86462573f29a||Sequence: R016 ve11c/master r/e634e98; Dec 19 2017 11:00:25 by eja"
}