{
    "AcquisitionMatrix": [
        106,
        0,
        0,
        106
    ],
    "AcquisitionMatrixPE": 106,
    "AcquisitionNumber": 1,
    "AcquisitionTime": "18:13:30.162500",
    "BaseResolution": 106,
    "BodyPartExamined": "BRAIN",
    "Columns": 106,
    "ConsistencyInfo": "N4_VE11C_LATEST_20160120",
    "ConversionSoftware": "dcm2niix",
    "ConversionSoftwareVersion": "v1.0.20200331",
    "DeviceSerialNumber": "166114",
    "DwellTime": 7.9e-06,
    "EchoNumber": 2,
    "EchoTime1": 0.00487,
    "EchoTime2": 0.00733,
    "FlipAngle": 60,
    "ImageOrientationPatientDICOM": [
        1,
        0,
        0,
        0,
        0.997564,
        -0.0697565
    ],
    "ImageType": [
        "ORIGINAL",
        "PRIMARY",
        "P",
        "ND",
        "PHASE"
    ],
    "ImagingFrequency": 123.253,
    "InPlanePhaseEncodingDirection": "COL",
    "InPlanePhaseEncodingDirectionDICOM": "COL",
    "InstitutionAddress": "Forbes_Ave_4400_Pittsburgh_PA_US_15213",
    "InstitutionName": "BRIDGE_Center",
    "InstitutionalDepartmentName": "BRIDGE_Center",
    "IntendedFor": [
        "ses-06/func/sub-02_ses-06_task-lokicat_run-01_bold.nii.gz",
        "ses-06/func/sub-02_ses-06_task-lokicat_run-02_bold.nii.gz",
        "ses-06/func/sub-02_ses-06_task-lokicat_run-03_bold.nii.gz",
        "ses-06/func/sub-02_ses-06_task-lokicat_run-04_bold.nii.gz",
        "ses-06/func/sub-02_ses-06_task-lokicat_run-05_bold.nii.gz",
        "ses-06/func/sub-02_ses-06_task-lokicat_run-05_bold.nii.gz"
    ],
    "MRAcquisitionType": "2D",
    "MagneticFieldStrength": 3,
    "Manufacturer": "Siemens",
    "ManufacturersModelName": "Prisma",
    "Modality": "MR",
    "PartialFourier": 0.75,
    "PatientPosition": "HFS",
    "PercentPhaseFOV": 100,
    "PercentPhaseFieldOfView": 100,
    "PercentSampling": 100,
    "PhaseEncodingDirection": "j",
    "PhaseEncodingSteps": 80,
    "PhaseResolution": 1,
    "PixelBandwidth": 595,
    "PixelSpacing": [
        2,
        2
    ],
    "ProcedureStepDescription": "Verstynen-Lab_LOKI1_ses-06",
    "ProtocolName": "fmap-gre_acq-siemens",
    "PulseSequenceDetails": "%SiemensSeq%_gre_field_mapping",
    "ReceiveCoilActiveElements": "HC1-7",
    "ReceiveCoilName": "HeadNeck_64",
    "ReconMatrixPE": 106,
    "RepetitionTime": 0.681,
    "Rows": 106,
    "SAR": 0.0754919,
    "ScanOptions": "PFP",
    "ScanningSequence": "GR",
    "SequenceName": "_fm2d2r",
    "SequenceVariant": "SP",
    "SeriesDescription": "fmap-gre_acq-siemens",
    "SeriesNumber": 18,
    "ShimSetting": [
        -5599,
        9692,
        5367,
        133,
        16,
        -198,
        343,
        9
    ],
    "SliceThickness": 2,
    "SliceTiming": [
        0.34375,
        0,
        0.375,
        0.03125,
        0.39062,
        0.04688,
        0.40625,
        0.07812,
        0.4375,
        0.09375,
        0.45312,
        0.10938,
        0.48438,
        0.14062,
        0.5,
        0.15625,
        0.51562,
        0.1875,
        0.54688,
        0.20312,
        0.5625,
        0.21875,
        0.57812,
        0.25,
        0.60938,
        0.26562,
        0.625,
        0.28125,
        0.64062,
        0.3125,
        0.67188,
        0.32812
    ],
    "SoftwareVersions": "syngo_MR_E11",
    "SpacingBetweenSlices": 2,
    "StationName": "AWP166114",
    "TxRefAmp": 289.558
}