{
    "AcquisitionMatrix": [
        106,
        0,
        0,
        106
    ],
    "AcquisitionMatrixPE": 106,
    "AcquisitionNumber": 1,
    "AcquisitionTime": "12:35:56.107500",
    "BaseResolution": 106,
    "BodyPartExamined": "BRAIN",
    "Columns": 106,
    "ConsistencyInfo": "N4_VE11C_LATEST_20160120",
    "ConversionSoftware": "dcm2niix",
    "ConversionSoftwareVersion": "v1.0.20200331",
    "DeviceSerialNumber": "166114",
    "DwellTime": 7.9e-06,
    "EchoNumber": 2,
    "EchoTime": 0.00733,
    "FlipAngle": 60,
    "ImageOrientationPatientDICOM": [
        1,
        0,
        0,
        0,
        0.99863,
        -0.052336
    ],
    "ImageType": [
        "ORIGINAL",
        "PRIMARY",
        "M",
        "ND",
        "NORM"
    ],
    "ImagingFrequency": 123.253,
    "InPlanePhaseEncodingDirection": "COL",
    "InPlanePhaseEncodingDirectionDICOM": "COL",
    "InstitutionAddress": "Forbes_Ave_4400_Pittsburgh_PA_US_15213",
    "InstitutionName": "BRIDGE_Center",
    "InstitutionalDepartmentName": "BRIDGE_Center",
    "IntendedFor": [
        "ses-05/func/sub-03_ses-05_task-lokicat_run-01_bold.nii.gz",
        "ses-05/func/sub-03_ses-05_task-lokicat_run-02_bold.nii.gz",
        "ses-05/func/sub-03_ses-05_task-lokicat_run-03_bold.nii.gz",
        "ses-05/func/sub-03_ses-05_task-lokicat_run-04_bold.nii.gz",
        "ses-05/func/sub-03_ses-05_task-lokicat_run-05_bold.nii.gz",
        "ses-05/func/sub-03_ses-05_task-lokicat_run-05_bold.nii.gz"
    ],
    "MRAcquisitionType": "2D",
    "MagneticFieldStrength": 3,
    "Manufacturer": "Siemens",
    "ManufacturersModelName": "Prisma",
    "Modality": "MR",
    "PartialFourier": 0.75,
    "PatientPosition": "HFS",
    "PercentPhaseFOV": 100,
    "PercentPhaseFieldOfView": 100,
    "PercentSampling": 100,
    "PhaseEncodingDirection": "j",
    "PhaseEncodingSteps": 80,
    "PhaseResolution": 1,
    "PixelBandwidth": 595,
    "PixelSpacing": [
        2,
        2
    ],
    "ProcedureStepDescription": "Verstynen-Lab_LOKI1_ses-05",
    "ProtocolName": "fmap-gre_acq-siemens",
    "PulseSequenceDetails": "%SiemensSeq%_gre_field_mapping",
    "ReceiveCoilActiveElements": "HC1-7",
    "ReceiveCoilName": "HeadNeck_64",
    "ReconMatrixPE": 106,
    "RepetitionTime": 0.681,
    "Rows": 106,
    "SAR": 0.0437941,
    "ScanOptions": "PFP",
    "ScanningSequence": "GR",
    "SequenceName": "_fm2d2r",
    "SequenceVariant": "SP",
    "SeriesDescription": "fmap-gre_acq-siemens",
    "SeriesNumber": 21,
    "ShimSetting": [
        -5620,
        9790,
        5446,
        459,
        -66,
        84,
        236,
        -9
    ],
    "SliceThickness": 2,
    "SliceTiming": [
        0.34375,
        0,
        0.35938,
        0.02344,
        0.38281,
        0.03906,
        0.40625,
        0.0625,
        0.42969,
        0.08594,
        0.44531,
        0.10938,
        0.46875,
        0.125,
        0.49219,
        0.14844,
        0.51562,
        0.17188,
        0.53125,
        0.19531,
        0.55469,
        0.21094,
        0.57812,
        0.23438,
        0.59375,
        0.25781,
        0.61719,
        0.27344,
        0.64062,
        0.29688,
        0.65625,
        0.32031
    ],
    "SoftwareVersions": "syngo_MR_E11",
    "SpacingBetweenSlices": 2,
    "StationName": "AWP166114",
    "TxRefAmp": 211.667
}