{
    "AcquisitionDateTime": "2019-10-17T12:38:19.702500",
    "AcquisitionMatrixPE": 106,
    "AcquisitionNumber": 1,
    "AcquisitionTime": "12:38:19.702500",
    "BaseResolution": 106,
    "BodyPartExamined": "BRAIN",
    "ConsistencyInfo": "N4_VE11C_LATEST_20160120",
    "ConversionSoftware": "dcm2niix",
    "ConversionSoftwareVersion": "v1.0.20190410  (JP2:OpenJPEG) GCC4.8.4",
    "DeviceSerialNumber": "166114",
    "EchoNumber": 2,
    "EchoTime1": 0.00487,
    "EchoTime2": 0.00733,
    "FlipAngle": 60,
    "ImageOrientationPatientDICOM": [
        0.999893,
        -0.0142761,
        0.00315722,
        0.0141366,
        0.99908,
        0.0404811
    ],
    "ImageType": [
        "ORIGINAL",
        "PRIMARY",
        "P",
        "ND"
    ],
    "ImagingFrequency": 123.253,
    "InPlanePhaseEncodingDirectionDICOM": "COL",
    "InstitutionAddress": "Forbes_Ave_4400_Pittsburgh_PA_US_15213",
    "InstitutionName": "BRIDGE_Center",
    "IntendedFor": [
        "ses-03/func/sub-03_ses-03_task-lokicat_run-01_bold.nii.gz",
        "ses-03/func/sub-03_ses-03_task-lokicat_run-02_bold.nii.gz",
        "ses-03/func/sub-03_ses-03_task-lokicat_run-03_bold.nii.gz",
        "ses-03/func/sub-03_ses-03_task-lokicat_run-04_bold.nii.gz",
        "ses-03/func/sub-03_ses-03_task-lokicat_run-05_bold.nii.gz"
    ],
    "MRAcquisitionType": "2D",
    "MagneticFieldStrength": 3,
    "Manufacturer": "Siemens",
    "ManufacturersModelName": "Prisma",
    "Modality": "MR",
    "PartialFourier": 0.75,
    "PatientBirthDate": "1989-01-01",
    "PatientID": "813",
    "PatientName": "191017112736",
    "PatientPosition": "HFS",
    "PatientSex": "F",
    "PatientWeight": 61.235,
    "PercentPhaseFOV": 100,
    "PhaseEncodingDirection": "j",
    "PhaseEncodingSteps": 80,
    "PhaseResolution": 1,
    "PixelBandwidth": 595,
    "ProcedureStepDescription": "Verstynen-Lab_LOKI1_ses-03",
    "ProtocolName": "fmap-gre_acq-siemens",
    "PulseSequenceDetails": "%SiemensSeq%_gre_field_mapping",
    "ReceiveCoilActiveElements": "HC1-7",
    "ReceiveCoilName": "HeadNeck_64",
    "ReconMatrixPE": 106,
    "RepetitionTime": 0.681,
    "SAR": 0.0970701,
    "ScanOptions": "PFP",
    "ScanningSequence": "GR",
    "SequenceName": "_fm2d2r",
    "SequenceVariant": "SP",
    "SeriesDescription": "fmap-gre_acq-siemens",
    "SeriesInstanceUID": "1.3.12.2.1107.5.2.43.166114.201910171238177787901040.0.0.0",
    "SeriesNumber": 16,
    "ShimSetting": [
        -5589,
        9879,
        5367,
        420,
        -1,
        139,
        275,
        -49
    ],
    "SliceThickness": 2,
    "SoftwareVersions": "syngo_MR_E11",
    "SpacingBetweenSlices": 2,
    "StationName": "AWP166114",
    "StudyID": "1",
    "StudyInstanceUID": "1.3.12.2.1107.5.2.43.166114.30000019101715241844100000004",
    "TxRefAmp": 214.595
}