{
    "AcquisitionDateTime": "2019-10-15T12:42:38.125000",
    "AcquisitionMatrixPE": 106,
    "AcquisitionNumber": 1,
    "AcquisitionTime": "12:42:38.125000",
    "BandwidthPerPixelPhaseEncode": 13.103,
    "BaseResolution": 106,
    "BodyPartExamined": "BRAIN",
    "ConsistencyInfo": "N4_VE11C_LATEST_20160120",
    "ConversionSoftware": "dcm2niix",
    "ConversionSoftwareVersion": "v1.0.20190410  (JP2:OpenJPEG) GCC4.8.4",
    "DerivedVendorReportedEchoSpacing": 0.000719985,
    "DeviceSerialNumber": "166114",
    "DwellTime": 2.6e-06,
    "EchoTime": 0.028,
    "EchoTrainLength": 80,
    "EffectiveEchoSpacing": 0.000719985,
    "FlipAngle": 52,
    "ImageComments": "Unaliased_MB4_PE3_LB",
    "ImageOrientationPatientDICOM": [
        1,
        0,
        0,
        0,
        0.99863,
        -0.052336
    ],
    "ImageType": [
        "ORIGINAL",
        "PRIMARY",
        "M",
        "MB",
        "ND",
        "NORM",
        "MOSAIC"
    ],
    "ImagingFrequency": 123.253,
    "InPlanePhaseEncodingDirectionDICOM": "COL",
    "InstitutionAddress": "Forbes_Ave_4400_Pittsburgh_PA_US_15213",
    "InstitutionName": "BRIDGE_Center",
    "InstitutionalDepartmentName": "BRIDGE_Center",
    "IntendedFor": [
        "ses-02/func/sub-03_ses-02_task-lokicat_run-02_bold.nii.gz",
        "ses-02/func/sub-03_ses-02_task-lokicat_run-03_bold.nii.gz",
        "ses-02/func/sub-03_ses-02_task-lokicat_run-04_bold.nii.gz",
        "ses-02/func/sub-03_ses-02_task-lokicat_run-05_bold.nii.gz",
        "ses-02/func/sub-03_ses-02_task-lokicat_run-01_bold.nii.gz",
        "ses-02/func/sub-03_ses-02_task-lokicat_run-01_bold.nii.gz",
        "ses-02/func/sub-03_ses-02_task-lokicat_run-01_bold.nii.gz"
    ],
    "MRAcquisitionType": "2D",
    "MagneticFieldStrength": 3,
    "Manufacturer": "Siemens",
    "ManufacturersModelName": "Prisma",
    "Modality": "MR",
    "MultibandAccelerationFactor": 4,
    "PartialFourier": 0.75,
    "PatientBirthDate": "1989-01-01",
    "PatientID": "813",
    "PatientName": "191015113137",
    "PatientPosition": "HFS",
    "PatientSex": "F",
    "PatientWeight": 61.235,
    "PercentPhaseFOV": 100,
    "PhaseEncodingDirection": "j",
    "PhaseEncodingSteps": 80,
    "PhaseResolution": 1,
    "PixelBandwidth": 1815,
    "ProcedureStepDescription": "Verstynen-Lab_LOKI1_ses-02",
    "ProtocolName": "fmap-phasediff_acq-epi_dir-PA",
    "PulseSequenceDetails": "%CustomerSeq%_cmrr_mbep2d_bold",
    "ReceiveCoilActiveElements": "HC1-7",
    "ReceiveCoilName": "HeadNeck_64",
    "ReconMatrixPE": 106,
    "RepetitionTime": 0.75,
    "SAR": 0.0234123,
    "ScanOptions": "PFP_FS_EXT",
    "ScanningSequence": "EP",
    "SequenceName": "epfid2d1_106",
    "SequenceVariant": "SK_SS",
    "SeriesDescription": "fmap-phasediff_acq-epi_dir-PA",
    "SeriesInstanceUID": "1.3.12.2.1107.5.2.43.166114.201910151242199251046872.0.0.0",
    "SeriesNumber": 16,
    "ShimSetting": [
        -5595,
        9882,
        5367,
        456,
        1,
        411,
        387,
        -27
    ],
    "SliceThickness": 2,
    "SliceTiming": [
        0,
        0.2725,
        0.5475,
        0.09,
        0.365,
        0.6375,
        0.1825,
        0.455,
        0,
        0.2725,
        0.5475,
        0.09,
        0.365,
        0.6375,
        0.1825,
        0.455,
        0,
        0.2725,
        0.5475,
        0.09,
        0.365,
        0.6375,
        0.1825,
        0.455,
        0,
        0.2725,
        0.5475,
        0.09,
        0.365,
        0.6375,
        0.1825,
        0.455
    ],
    "SoftwareVersions": "syngo_MR_E11",
    "SpacingBetweenSlices": 2,
    "StationName": "AWP166114",
    "StudyID": "1",
    "StudyInstanceUID": "1.3.12.2.1107.5.2.43.166114.30000019101513152624800000007",
    "TotalReadoutTime": 0.0755984,
    "TxRefAmp": 217.663,
    "WipMemBlock": "4dad6b4c-8d53-4982-9b68-8ea74ad819cd||Sequence: R016 ve11c/master r/e634e98; Dec 19 2017 11:00:25 by eja"
}