{
    "AcquisitionDateTime": "2020-02-18T13:43:59.470000",
    "AcquisitionMatrixPE": 106,
    "AcquisitionNumber": 1,
    "AcquisitionTime": "13:43:59.470000",
    "BandwidthPerPixelPhaseEncode": 13.103,
    "BaseResolution": 106,
    "BodyPartExamined": "BRAIN",
    "ConsistencyInfo": "N4_VE11C_LATEST_20160120",
    "ConversionSoftware": "dcm2niix",
    "ConversionSoftwareVersion": "v1.0.20190410  (JP2:OpenJPEG) GCC4.8.4",
    "DerivedVendorReportedEchoSpacing": 0.000719985,
    "DeviceSerialNumber": "166114",
    "EchoTime": 0.028,
    "EchoTrainLength": 80,
    "EffectiveEchoSpacing": 0.000719985,
    "FlipAngle": 52,
    "ImageComments": "Unaliased_MB4_PE3_LB",
    "ImageOrientationPatientDICOM": [
        1,
        0,
        0,
        0,
        0.997564,
        -0.0697565
    ],
    "ImageType": [
        "ORIGINAL",
        "PRIMARY",
        "M",
        "MB",
        "ND",
        "NORM",
        "MOSAIC"
    ],
    "ImagingFrequency": 123.253,
    "InPlanePhaseEncodingDirectionDICOM": "COL",
    "InstitutionAddress": "Forbes_Ave_4400_Pittsburgh_PA_US_15213",
    "InstitutionName": "BRIDGE_Center",
    "IntendedFor": [
        "ses-05/func/sub-02_ses-05_task-lokicat_run-01_bold.nii.gz",
        "ses-05/func/sub-02_ses-05_task-lokicat_run-02_bold.nii.gz",
        "ses-05/func/sub-02_ses-05_task-lokicat_run-03_bold.nii.gz",
        "ses-05/func/sub-02_ses-05_task-lokicat_run-04_bold.nii.gz",
        "ses-05/func/sub-02_ses-05_task-lokicat_run-05_bold.nii.gz"
    ],
    "MRAcquisitionType": "2D",
    "MagneticFieldStrength": 3,
    "Manufacturer": "Siemens",
    "ManufacturersModelName": "Prisma",
    "Modality": "MR",
    "MultibandAccelerationFactor": 4,
    "PartialFourier": 0.75,
    "PatientBirthDate": "1990-01-01",
    "PatientID": "20.02.1811",
    "PatientName": "200218122304",
    "PatientPosition": "HFS",
    "PatientSex": "M",
    "PatientWeight": 90.7185,
    "PercentPhaseFOV": 100,
    "PhaseEncodingDirection": "j",
    "PhaseEncodingSteps": 80,
    "PhaseResolution": 1,
    "PixelBandwidth": 1815,
    "ProcedureStepDescription": "Verstynen-Lab_LOKI1_ses-05",
    "ProtocolName": "fmap-epi_acq-opphase_dir-PA",
    "PulseSequenceDetails": "%CustomerSeq%_cmrr_mbep2d_bold",
    "ReceiveCoilActiveElements": "HC1-7",
    "ReceiveCoilName": "HeadNeck_64",
    "ReconMatrixPE": 106,
    "RepetitionTime": 0.75,
    "SAR": 0.0357944,
    "ScanOptions": "PFP_FS_EXT",
    "ScanningSequence": "EP",
    "SequenceName": "epfid2d1_106",
    "SequenceVariant": "SK_SS",
    "SeriesDescription": "fmap-epi_acq-opphase_dir-PA",
    "SeriesInstanceUID": "1.3.12.2.1107.5.2.43.166114.2020021813433293536233645.0.0.0",
    "SeriesNumber": 16,
    "ShimSetting": [
        -5589,
        9709,
        5395,
        158,
        23,
        -104,
        303,
        7
    ],
    "SliceThickness": 2,
    "SliceTiming": [
        0,
        0.2725,
        0.5475,
        0.09,
        0.365,
        0.6375,
        0.1825,
        0.455,
        0,
        0.2725,
        0.5475,
        0.09,
        0.365,
        0.6375,
        0.1825,
        0.455,
        0,
        0.2725,
        0.5475,
        0.09,
        0.365,
        0.6375,
        0.1825,
        0.455,
        0,
        0.2725,
        0.5475,
        0.09,
        0.365,
        0.6375,
        0.1825,
        0.455
    ],
    "SoftwareVersions": "syngo_MR_E11",
    "SpacingBetweenSlices": 2,
    "StationName": "AWP166114",
    "StudyID": "1",
    "StudyInstanceUID": "1.3.12.2.1107.5.2.43.166114.30000020021814214271600000013",
    "TotalReadoutTime": 0.0755984,
    "TxRefAmp": 285.903,
    "WipMemBlock": "2f9020df-e0b9-48a7-abb2-7fb562eb3124||Sequence: R016 ve11c/master r/e634e98; Dec 19 2017 11:00:25 by eja"
}