{
    "AcquisitionDateTime": "2019-08-30T13:05:9.792500",
    "AcquisitionMatrixPE": 106,
    "AcquisitionNumber": 1,
    "AcquisitionTime": "13:05:9.792500",
    "BandwidthPerPixelPhaseEncode": 13.103,
    "BaseResolution": 106,
    "BodyPartExamined": "BRAIN",
    "ConsistencyInfo": "N4_VE11C_LATEST_20160120",
    "ConversionSoftware": "dcm2niix",
    "ConversionSoftwareVersion": "v1.0.20181114  (JP2:OpenJPEG) GCC4.8.4",
    "DerivedVendorReportedEchoSpacing": 0.000719985,
    "DeviceSerialNumber": "166114",
    "DwellTime": 2.6e-06,
    "EchoTime1": 0.00487,
    "EchoTime2": 0.00733,
    "EchoTrainLength": 80,
    "EffectiveEchoSpacing": 0.000719985,
    "FlipAngle": 73,
    "ImageComments": "Unaliased_MB4_PE3_LB",
    "ImageOrientationPatientDICOM": [
        0.999854,
        0.0170097,
        -0.00178779,
        -0.0171034,
        0.994376,
        -0.104513
    ],
    "ImageType": [
        "ORIGINAL",
        "PRIMARY",
        "M",
        "MB",
        "ND",
        "NORM",
        "MOSAIC"
    ],
    "ImagingFrequency": 123.253,
    "InPlanePhaseEncodingDirectionDICOM": "COL",
    "InstitutionAddress": "Forbes_Ave_4400_Pittsburgh_PA_US_15213",
    "InstitutionName": "BRIDGE_Center",
    "InstitutionalDepartmentName": "BRIDGE_Center",
    "IntendedFor": [
        "ses-04/func/sub-01_ses-04_task-lokicat_run-02_bold.nii.gz",
        "ses-04/func/sub-01_ses-04_task-lokicat_run-04_bold.nii.gz"
    ],
    "MRAcquisitionType": "2D",
    "MagneticFieldStrength": 3,
    "Manufacturer": "Siemens",
    "ManufacturersModelName": "Prisma",
    "Modality": "MR",
    "MultibandAccelerationFactor": 4,
    "PartialFourier": 0.75,
    "PatientBirthDate": "1985-08-30",
    "PatientID": "790",
    "PatientName": "190830114016",
    "PatientPosition": "HFS",
    "PatientSex": "M",
    "PatientWeight": 81.6466,
    "PercentPhaseFOV": 100,
    "PhaseEncodingDirection": "j",
    "PhaseEncodingSteps": 80,
    "PhaseResolution": 1,
    "PixelBandwidth": 1815,
    "ProcedureStepDescription": "Verstynen-Lab_LOKI1_ses-04",
    "ProtocolName": "fmap-phasediff_acq-epi_dir-PA",
    "PulseSequenceDetails": "%CustomerSeq%_cmrr_mbep2d_bold",
    "ReceiveCoilActiveElements": "HC1-6",
    "ReceiveCoilName": "HeadNeck_64",
    "ReconMatrixPE": 106,
    "RepetitionTime": 0.75,
    "SAR": 0.0316868,
    "ScanOptions": "PFP_FS",
    "ScanningSequence": "EP",
    "SequenceName": "epfid2d1_106",
    "SequenceVariant": "SK_SS",
    "SeriesDescription": "fmap-phasediff_acq-epi_dir-PA",
    "SeriesInstanceUID": "1.3.12.2.1107.5.2.43.166114.2019083013045841988021237.0.0.0",
    "SeriesNumber": 10,
    "ShimSetting": [
        -5578,
        9784,
        5505,
        590,
        140,
        74,
        156,
        -4
    ],
    "SliceThickness": 2,
    "SliceTiming": [
        0,
        0.2725,
        0.545,
        0.09,
        0.3625,
        0.6375,
        0.1825,
        0.455,
        0,
        0.2725,
        0.545,
        0.09,
        0.3625,
        0.6375,
        0.1825,
        0.455,
        0,
        0.2725,
        0.545,
        0.09,
        0.3625,
        0.6375,
        0.1825,
        0.455,
        0,
        0.2725,
        0.545,
        0.09,
        0.3625,
        0.6375,
        0.1825,
        0.455
    ],
    "SoftwareVersions": "syngo_MR_E11",
    "SpacingBetweenSlices": 2,
    "StationName": "AWP166114",
    "StudyID": "1",
    "StudyInstanceUID": "1.3.12.2.1107.5.2.43.166114.30000019083013213495500000007",
    "TotalReadoutTime": 0.0755984,
    "TxRefAmp": 219.645,
    "WipMemBlock": "e7b282ea-64d5-488e-a740-ec56f652a879||Sequence: R016 ve11c/master r/e634e98; Dec 19 2017 11:00:25 by eja"
}