{
    "AcquisitionDateTime": "2020-01-31T16:40:33.307500",
    "AcquisitionMatrixPE": 106,
    "AcquisitionNumber": 1,
    "AcquisitionTime": "16:40:33.307500",
    "BandwidthPerPixelPhaseEncode": 13.103,
    "BaseResolution": 106,
    "BodyPartExamined": "BRAIN",
    "ConsistencyInfo": "N4_VE11C_LATEST_20160120",
    "ConversionSoftware": "dcm2niix",
    "ConversionSoftwareVersion": "v1.0.20190410  (JP2:OpenJPEG) GCC4.8.4",
    "DerivedVendorReportedEchoSpacing": 0.000719985,
    "DeviceSerialNumber": "166114",
    "DwellTime": 2.6e-06,
    "EchoTime": 0.028,
    "EchoTrainLength": 80,
    "EffectiveEchoSpacing": 0.000719985,
    "FlipAngle": 52,
    "ImageComments": "Unaliased_MB4_PE3_LB",
    "ImageOrientationPatientDICOM": [
        1,
        0,
        0,
        0,
        0.997564,
        -0.0697565
    ],
    "ImageType": [
        "ORIGINAL",
        "PRIMARY",
        "M",
        "MB",
        "ND",
        "NORM",
        "MOSAIC"
    ],
    "ImagingFrequency": 123.253,
    "InPlanePhaseEncodingDirectionDICOM": "COL",
    "InstitutionAddress": "Forbes_Ave_4400_Pittsburgh_PA_US_15213",
    "InstitutionName": "BRIDGE_Center",
    "InstitutionalDepartmentName": "BRIDGE_Center",
    "IntendedFor": [
        "ses-02/func/sub-02_ses-02_task-lokicat_run-01_bold.nii.gz",
        "ses-02/func/sub-02_ses-02_task-lokicat_run-02_bold.nii.gz",
        "ses-02/func/sub-02_ses-02_task-lokicat_run-03_bold.nii.gz",
        "ses-02/func/sub-02_ses-02_task-lokicat_run-04_bold.nii.gz",
        "ses-02/func/sub-02_ses-02_task-lokicat_run-05_bold.nii.gz",
        "ses-02/func/sub-02_ses-02_task-lokicat_run-05_bold.nii.gz",
        "ses-02/func/sub-02_ses-02_task-lokicat_run-05_bold.nii.gz"
    ],
    "MRAcquisitionType": "2D",
    "MagneticFieldStrength": 3,
    "Manufacturer": "Siemens",
    "ManufacturersModelName": "Prisma",
    "Modality": "MR",
    "MultibandAccelerationFactor": 4,
    "PartialFourier": 0.75,
    "PatientBirthDate": "1990-01-01",
    "PatientID": "811",
    "PatientName": "200131145502",
    "PatientPosition": "HFS",
    "PatientSex": "M",
    "PatientWeight": 90.7185,
    "PercentPhaseFOV": 100,
    "PhaseEncodingDirection": "j",
    "PhaseEncodingSteps": 80,
    "PhaseResolution": 1,
    "PixelBandwidth": 1815,
    "ProcedureStepDescription": "Verstynen-Lab_LOKI1_ses-02",
    "ProtocolName": "fmap-epi_acq-opphase_dir-PA",
    "PulseSequenceDetails": "%CustomerSeq%_cmrr_mbep2d_bold",
    "ReceiveCoilActiveElements": "HC1-7",
    "ReceiveCoilName": "HeadNeck_64",
    "ReconMatrixPE": 106,
    "RepetitionTime": 0.75,
    "SAR": 0.0359819,
    "ScanOptions": "PFP_FS_EXT",
    "ScanningSequence": "EP",
    "SequenceName": "epfid2d1_106",
    "SequenceVariant": "SK_SS",
    "SeriesDescription": "fmap-epi_acq-opphase_dir-PA",
    "SeriesInstanceUID": "1.3.12.2.1107.5.2.43.166114.2020013116402733675866915.0.0.0",
    "SeriesNumber": 18,
    "ShimSetting": [
        -5590,
        9711,
        5397,
        167,
        26,
        -98,
        353,
        24
    ],
    "SliceThickness": 2,
    "SliceTiming": [
        0,
        0.2725,
        0.545,
        0.09,
        0.3625,
        0.6375,
        0.18,
        0.455,
        0,
        0.2725,
        0.545,
        0.09,
        0.3625,
        0.6375,
        0.18,
        0.455,
        0,
        0.2725,
        0.545,
        0.09,
        0.3625,
        0.6375,
        0.18,
        0.455,
        0,
        0.2725,
        0.545,
        0.09,
        0.3625,
        0.6375,
        0.18,
        0.455
    ],
    "SoftwareVersions": "syngo_MR_E11",
    "SpacingBetweenSlices": 2,
    "StationName": "AWP166114",
    "StudyID": "1",
    "StudyInstanceUID": "1.3.12.2.1107.5.2.43.166114.30000020013119593251600000001",
    "TotalReadoutTime": 0.0755984,
    "TxRefAmp": 287.283,
    "WipMemBlock": "1222b2ab-12c6-4992-9bfe-ab41bf46e470||Sequence: R016 ve11c/master r/e634e98; Dec 19 2017 11:00:25 by eja"
}