{ "TaskName": "lokicat",
    "AcquisitionDate": "20201022",
    "AcquisitionMatrix": [
        106,
        0,
        0,
        106
    ],
    "AcquisitionNumber": 214,
    "AcquisitionTime": "184954.822500",
    "AngioFlag": "N",
    "BitsAllocated": 16,
    "BitsStored": 16,
    "BodyPartExamined": "BRAIN",
    "CSAHeader": {
        "AcquisitionMatrixText": "106p*106",
        "BandwidthPerPixelPhaseEncode": 13.103,
        "EchoColumnPosition": 53,
        "EchoLinePosition": 53,
        "EchoPartitionPosition": 32,
        "GSWDDataType": "predicted",
        "ICE_Dims": "X_1_1_1_214_1_1_17_1_1_1_1_141",
        "ImaAbsTablePosition": [
            0,
            0,
            -1251
        ],
        "ImaCoilString": "HC1-7",
        "ImaRelTablePosition": [
            0,
            0,
            0
        ],
        "ImageHistory": [
            "ChannelMixing:ND=true_CMM=1_CDM=1",
            "CC:SoS",
            "NormalizeAlgo:PreScan"
        ],
        "MeasuredFourierLines": 0,
        "MosaicRefAcqTimes": [
            0.0,
            274.99999999,
            547.49999999,
            92.5,
            364.99999999,
            639.99999998,
            182.5,
            457.49999999,
            0.0,
            274.99999999,
            547.49999999,
            92.5,
            364.99999999,
            639.99999998,
            182.5,
            457.49999999,
            0.0,
            274.99999999,
            547.49999999,
            92.5,
            364.99999999,
            639.99999998,
            182.5,
            457.49999999,
            0.0,
            274.99999999,
            547.49999999,
            92.5,
            364.99999999,
            639.99999998,
            182.5,
            457.49999999
        ],
        "MultistepIndex": 0,
        "NonPlanarImage": 0,
        "NumberOfImagesInMosaic": 32,
        "PhaseEncodingDirectionPositive": 1,
        "ProtocolSliceNumber": 0,
        "RFSWDDataType": "predicted",
        "RealDwellTime": 2600,
        "SequenceMask": 0,
        "SliceMeasurementDuration": 560000.0,
        "SliceNormalVector": [
            -0.0383878,
            0.0,
            0.99926292
        ],
        "SlicePosition_PCS": [
            -635.24119274,
            -650.69999981,
            -23.39179767
        ],
        "TimeAfterStart": 166.5,
        "UsedChannelString": "XXXXXXXXXXXXXXXXXXXXXXXXXXXXXXXXXXXXXXXXXXXXXXXXXXXX"
    },
    "CardiacNumberOfImages": 1,
    "Columns": 636,
    "ContentDate": "20201022",
    "ContentTime": "185005.604000",
    "DeviceSerialNumber": "166114",
    "EchoNumbers": 1,
    "EchoTime": 28,
    "EchoTrainLength": 80,
    "FlipAngle": 52,
    "FrameOfReferenceUID": "1.3.12.2.1107.5.2.43.166114.1.20201022175915382.0.0.0",
    "HighBit": 15,
    "ImageComments": "Unaliased MB4/PE3/LB",
    "ImageOrientationPatient": [
        0.99926291637126,
        0.0,
        0.03838781011215,
        0.0,
        1.0,
        0.0
    ],
    "ImagePositionPatient": [
        -635.24119273695,
        -650.69999980927,
        -23.391797671543
    ],
    "ImageType": [
        "ORIGINAL",
        "PRIMARY",
        "M",
        "MB",
        "ND",
        "NORM",
        "MOSAIC"
    ],
    "ImagedNucleus": "1H",
    "ImagingFrequency": 123.252897,
    "InPlanePhaseEncodingDirection": "COL",
    "InstanceCreationDate": "20201022",
    "InstanceCreationTime": "185005.604000",
    "InstanceNumber": 214,
    "InstitutionAddress": "Forbes Ave 4400,Pittsburgh,PA,US,15213",
    "InstitutionName": "BRIDGE Center",
    "LargestImagePixelValue": 21942,
    "MRAcquisitionType": "2D",
    "MagneticFieldStrength": 3,
    "Manufacturer": "SIEMENS",
    "ManufacturerModelName": "Prisma",
    "Modality": "MR",
    "NominalInterval": 0,
    "NumberOfAverages": 1,
    "NumberOfPhaseEncodingSteps": 80,
    "OperatorsName": "SMK",
    "PatientAge": "030Y",
    "PatientBirthDate": "19900101",
    "PatientID": "860",
    "PatientName": "201022175818",
    "PatientPosition": "HFS",
    "PatientSex": "F",
    "PatientSize": 1.7272034566667,
    "PatientWeight": 63.502939878,
    "PercentPhaseFieldOfView": 100,
    "PercentSampling": 100,
    "PerformedProcedureStepDescription": "Verstynen-Lab^LOKI1^ses-04",
    "PerformedProcedureStepID": "MR20201022175915",
    "PerformedProcedureStepStartDate": "20201022",
    "PerformedProcedureStepStartTime": "175915.314000",
    "PhotometricInterpretation": "MONOCHROME2",
    "PixelBandwidth": 1815,
    "PixelRepresentation": 0,
    "PixelSpacing": [
        2.0,
        2.0
    ],
    "ProtocolName": "func-bold_task-lokicat_run-05",
    "RepetitionTime": 0.750,
    "RequestingPhysician": "tverstynen",
    "Rows": 636,
    "SAR": 0.02711844173108,
    "SOPClassUID": "MR Image Storage",
    "SOPInstanceUID": "1.3.12.2.1107.5.2.43.166114.2020102218495599297915605",
    "SamplesPerPixel": 1,
    "ScanOptions": [
        "PFP",
        "FS",
        "EXT"
    ],
    "ScanningSequence": "EP",
    "SequenceName": "epfid2d1_106",
    "SequenceVariant": [
        "SK",
        "SS"
    ],
    "SeriesDate": "20201022",
    "SeriesDescription": "func-bold_task-lokicat_run-05",
    "SeriesInstanceUID": "1.3.12.2.1107.5.2.43.166114.2020102218455871844194567.0.0.0",
    "SeriesNumber": 13,
    "SeriesTime": "184805.574000",
    "SliceLocation": 1.0109623217686,
    "SliceThickness": 2,
    "SmallestImagePixelValue": 0,
    "SoftwareVersions": "syngo MR E11",
    "SpacingBetweenSlices": 1.999999986658,
    "SpecificCharacterSet": "ISO_IR 100",
    "StationName": "AWP166114",
    "StudyDate": "20201022",
    "StudyDescription": "Verstynen-Lab^LOKI1^ses-04",
    "StudyID": "1",
    "StudyInstanceUID": "1.3.12.2.1107.5.2.43.166114.30000020102213270660500000013",
    "StudyTime": "175915.262000",
    "TransmitCoilName": "Body",
    "TriggerTime": 166600,
    "VariableFlipAngleFlag": "N",
    "WindowCenter": 9317,
    "WindowCenterWidthExplanation": "Algo1",
    "WindowWidth": 19381,
    "dBdt": 0
}
